GEM
  remote: http://rubygems.org/
  specs:
    activesupport (2.3.10)
    rake (0.8.7)
    shoulda (2.10.3)

PLATFORMS
  ruby

DEPENDENCIES
  activesupport (= 2.3.10)
  rake
  shoulda (~> 2.10.0)
