PATH
  remote: .
  specs:
    mmx-qabuild (0.3.1)
      activesupport (~> 2.3.5)
      capistrano (~> 2.5.9)
      capistrano-ext (~> 1.2)
      choice (~> 0.1)
      highline (~> 1.5)

GEM
  remote: http://rubygems.org/
  remote: http://gems.mmx.local/
  specs:
    activesupport (2.3.10)
    capistrano (2.5.19)
      highline
      net-scp (>= 1.0.0)
      net-sftp (>= 2.0.0)
      net-ssh (>= 2.0.14)
      net-ssh-gateway (>= 1.0.0)
    capistrano-ext (1.2.1)
      capistrano (>= 1.0.0)
    choice (0.1.4)
    highline (1.6.1)
    mmx-gemtools (0.1.0)
      net-sftp (~> 2.0)
      net-ssh (~> 2.0)
      rake
    net-scp (1.0.4)
      net-ssh (>= 1.99.1)
    net-sftp (2.0.5)
      net-ssh (>= 2.0.9)
    net-ssh (2.0.23)
    net-ssh-gateway (1.0.1)
      net-ssh (>= 1.99.1)
    rake (0.8.7)

PLATFORMS
  ruby

DEPENDENCIES
  mmx-gemtools (>= 0.1.0)
  mmx-qabuild!
  rake (~> 0.8)
